GEM
  remote: https://rubygems.org/
  specs:
    aws-sdk (2.8.11)
      aws-sdk-resources (= 2.8.11)
    aws-sdk-core (2.8.11)
      aws-sigv4 (~> 1.0)
      jmespath (~> 1.0)
    aws-sdk-resources (2.8.11)
      aws-sdk-core (= 2.8.11)
    aws-sigv4 (1.0.0)
    cause (0.1)
    influxdb (0.3.14)
      cause
      json
    jmespath (1.3.1)
    json (2.0.3)

PLATFORMS
  ruby

DEPENDENCIES
  aws-sdk
  influxdb

BUNDLED WITH
   1.14.6
